PATH
  remote: .
  specs:
    pry-byebyebug (1.0.1)
      binding_of_caller
      pry

GEM
  remote: https://rubygems.org/
  specs:
    binding_of_caller (0.8.0)
      debug_inspector (>= 0.0.1)
    coderay (1.1.2)
    debug_inspector (0.0.3)
    method_source (0.9.2)
    pry (0.12.2)
      coderay (~> 1.1.0)
      method_source (~> 0.9.0)
    rake (12.3.3)

PLATFORMS
  ruby

DEPENDENCIES
  bundler (~> 2.0)
  pry-byebyebug!
  rake (~> 12.3)

BUNDLED WITH
   2.0.2
